GEM
  remote: https://rubygems.org/
  specs:
    ast (2.4.0)
    hike (1.2.3)
    minitest (5.13.0)
    opal (0.11.4)
      ast (>= 2.3.0)
      hike (~> 1.2)
      parser (= 2.3.3.1)
      sourcemap (~> 0.1.0)
    parser (2.3.3.1)
      ast (~> 2.2)
    ruby2d (0.5.1)
      opal (~> 0.11)
    sourcemap (0.1.1)

PLATFORMS
  ruby

DEPENDENCIES
  minitest (~> 5)
  ruby2d (~> 0.5.1)

BUNDLED WITH
   2.0.2
